PATH
  remote: .
  specs:
    gga4r (0.9.3)

GEM
  remote: https://rubygems.org/
  specs:
    hoe (3.7.1)
      rake (>= 0.8, < 11.0)
    rake (10.1.0)

PLATFORMS
  ruby

DEPENDENCIES
  gga4r!
  hoe
